GEM
  remote: http://rubygems.org/
  specs:
    RedCloth (4.2.9)
    adsf (1.1.1)
      rack (>= 1.0.0)
    blankslate (2.1.2.4)
    builder (3.0.0)
    chunky_png (1.2.5)
    colored (1.2)
    columnize (0.3.6)
    compass (0.13.alpha.0)
      chunky_png (~> 1.2)
      fssm (>= 0.2.7)
      sass (~> 3.2.0.alpha.93)
    cri (2.3.0)
      colored (>= 1.2)
    ffi (1.0.11)
    fssm (0.2.9)
    haml (3.1.6)
    kramdown (0.13.6)
    linecache (0.46)
      rbx-require-relative (> 0.0.4)
    mini_portile2 (2.8.0)
    nanoc (3.4.0)
      cri (~> 2.2)
    nokogiri (1.13.2)
      mini_portile2 (~> 2.8.0)
      racc (~> 1.4)
    oj (1.3.2)
    pygments.rb (0.2.13)
      rubypython (~> 0.5.3)
    racc (1.6.0)
    rack (1.4.1)
    rbx-require-relative (0.0.9)
    redcarpet (2.1.1)
    ruby-debug (0.10.4)
      columnize (>= 0.1)
      ruby-debug-base (~> 0.10.4.0)
    ruby-debug-base (0.10.4)
      linecache (>= 0.3)
    rubypython (0.5.3)
      blankslate (>= 2.1.2.3)
      ffi (~> 1.0.7)
    sass (3.2.0.alpha.244)
    susy (1.0.rc.1)
      compass (>= 0.12.2.rc.0)
      sass (>= 3.2.0.alpha.237)

PLATFORMS
  ruby

DEPENDENCIES
  RedCloth
  adsf
  builder
  compass
  haml
  kramdown
  nanoc
  nokogiri
  oj
  pygments.rb
  redcarpet
  ruby-debug
  sass
  susy
